GEM
  remote: http://rubygems.org/
  specs:
    colorize (0.8.1)

PLATFORMS
  ruby

DEPENDENCIES
  colorize

RUBY VERSION
   ruby 2.4.1p111

BUNDLED WITH
   1.15.4
